PATH
  remote: .
  specs:
    uniform_resource_identifier (0.1.21)
      activesupport (>= 3.0)
      addressable (~> 2.2)
      i18n (~> 0.6)
      public_suffix (~> 1.1)

GEM
  remote: http://rubygems.org/
  specs:
    activesupport (3.2.3)
      i18n (~> 0.6)
      multi_json (~> 1.0)
    addressable (2.2.7)
    diff-lcs (1.1.3)
    i18n (0.6.0)
    multi_json (1.3.1)
    public_suffix (1.1.0)
    rspec (2.6.0)
      rspec-core (~> 2.6.0)
      rspec-expectations (~> 2.6.0)
      rspec-mocks (~> 2.6.0)
    rspec-core (2.6.4)
    rspec-expectations (2.6.0)
      diff-lcs (~> 1.1.2)
    rspec-mocks (2.6.0)
    watchr (0.7)

PLATFORMS
  java
  ruby

DEPENDENCIES
  bundler (~> 1.0)
  rspec (~> 2.6)
  uniform_resource_identifier!
  watchr (~> 0.7)
