PATH
  remote: .
  specs:
    uniform_resource_identifier (0.1.13)
      activesupport (>= 3.0.0)
      addressable (~> 2.2.6)
      i18n (~> 0.6.0)
      public_suffix_service (~> 0.9.0)

GEM
  remote: http://rubygems.org/
  specs:
    activesupport (3.1.1)
      multi_json (~> 1.0)
    addressable (2.2.6)
    diff-lcs (1.1.3)
    fuubar (0.0.6)
      rspec (~> 2.0)
      rspec-instafail (~> 0.1.8)
      ruby-progressbar (~> 0.0.10)
    i18n (0.6.0)
    multi_json (1.0.3)
    public_suffix_service (0.9.0)
    rspec (2.6.0)
      rspec-core (~> 2.6.0)
      rspec-expectations (~> 2.6.0)
      rspec-mocks (~> 2.6.0)
    rspec-core (2.6.4)
    rspec-expectations (2.6.0)
      diff-lcs (~> 1.1.2)
    rspec-instafail (0.1.9)
    rspec-mocks (2.6.0)
    ruby-progressbar (0.0.10)
    watchr (0.7)

PLATFORMS
  ruby

DEPENDENCIES
  bundler (~> 1.0.0)
  fuubar (~> 0.0.6)
  rspec (~> 2.6.0)
  uniform_resource_identifier!
  watchr (~> 0.7.0)
