GEM
  remote: http://rubygems.org/
  specs:
    active_support (3.0.0)
      activesupport (= 3.0.0)
    activesupport (3.0.0)
    addressable (2.2.6)
    diff-lcs (1.1.3)
    fuubar (0.0.6)
      rspec (~> 2.0)
      rspec-instafail (~> 0.1.8)
      ruby-progressbar (~> 0.0.10)
    public_suffix_service (0.9.0)
    rspec (2.7.0)
      rspec-core (~> 2.7.0)
      rspec-expectations (~> 2.7.0)
      rspec-mocks (~> 2.7.0)
    rspec-core (2.7.0)
    rspec-expectations (2.7.0)
      diff-lcs (~> 1.1.2)
    rspec-instafail (0.1.8)
    rspec-mocks (2.7.0)
    ruby-progressbar (0.0.10)
    watchr (0.7)

PLATFORMS
  ruby

DEPENDENCIES
  active_support (~> 3.0.0)
  addressable (~> 2.2.6)
  fuubar
  public_suffix_service (~> 0.9.0)
  rspec
  watchr
